PATH
  remote: .
  specs:
    ariadne (0.0.1)
      fakeredis
      hiredis
      redis

GEM
  remote: https://rubygems.org/
  specs:
    byebug (8.2.2)
    codeclimate-test-reporter (0.5.1)
      simplecov (>= 0.7.1, < 1.0.0)
    coderay (1.1.0)
    docile (1.1.5)
    fakeredis (0.5.0)
      redis (~> 3.0)
    hiredis (0.6.1)
    json (2.0.2)
    method_source (0.8.2)
    minitest (5.8.4)
    pry (0.10.3)
      coderay (~> 1.1.0)
      method_source (~> 0.8.1)
      slop (~> 3.4)
    pry-byebug (3.3.0)
      byebug (~> 8.0)
      pry (~> 0.10)
    rake (10.4.2)
    redis (3.3.0)
    simplecov (0.12.0)
      docile (~> 1.1.0)
      json (>= 1.8, < 3)
      simplecov-html (~> 0.10.0)
    simplecov-html (0.10.0)
    slop (3.6.0)

PLATFORMS
  ruby

DEPENDENCIES
  ariadne!
  bundler
  codeclimate-test-reporter
  minitest (~> 5.0)
  pry-byebug
  rake
  simplecov

BUNDLED WITH
   1.13.2
